PATH
  remote: ../erector
  specs:
    erector (0.9.0.pre1)
      treetop (>= 1.2.3)

GEM
  specs:
    polyglot (0.3.2)
    rake (0.9.2)
    rerun (0.6.2)
    treetop (1.4.10)
      polyglot
      polyglot (>= 0.3.1)

PLATFORMS
  ruby

DEPENDENCIES
  erector!
  rake
  rerun
