GEM
  remote: https://rubygems.org/
  specs:
    celluloid (0.16.0)
      timers (~> 4.0.0)
    diff-lcs (1.2.5)
    erector (0.10.0)
      treetop (>= 1.2.3)
    ffi (1.9.6)
    ffi (1.9.6-x86-mingw32)
    hitimes (1.2.2)
    hitimes (1.2.2-x86-mingw32)
    listen (2.8.5)
      celluloid (>= 0.15.2)
      rb-fsevent (>= 0.9.3)
      rb-inotify (>= 0.9)
    polyglot (0.3.5)
    predicated (0.2.6)
    rake (12.3.3)
    rb-fsevent (0.9.4)
    rb-inotify (0.9.5)
      ffi (>= 0.5.0)
    rerun (0.10.0)
      listen (~> 2.7, >= 2.7.3)
    ruby2ruby (2.1.3)
      ruby_parser (~> 3.1)
      sexp_processor (~> 4.0)
    ruby_parser (3.6.4)
      sexp_processor (~> 4.1)
    sexp_processor (4.4.5)
    timers (4.0.1)
      hitimes
    treetop (1.5.3)
      polyglot (~> 0.3)
    wrong (0.7.1)
      diff-lcs (~> 1.2.5)
      predicated (~> 0.2.6)
      ruby2ruby (>= 2.0.1)
      ruby_parser (>= 3.0.1)
      sexp_processor (>= 4.0)

PLATFORMS
  ruby
  x86-mingw32

DEPENDENCIES
  erector (= 0.10.0)
  rake
  rerun
  wrong (>= 0.6.2)

BUNDLED WITH
   1.15.3
